NUGET
  remote: https://nuget.org/api/v2
  specs:
    FAKE (3.15.0)
    FSharp.Compiler.Service (0.0.89)
    FSharp.Data (2.2.5)
      Zlib.Portable (>= 1.10.0)
    FSharp.Formatting (2.9.6)
      FSharp.Compiler.Service (>= 0.0.87)
      FSharpVSPowerTools.Core (1.8.0)
    FSharpVSPowerTools.Core (1.8.0)
      FSharp.Compiler.Service (>= 0.0.87)
    Microsoft.AspNet.Razor (3.2.3) - >= net45
    Microsoft.Owin (3.0.1)
      Owin (>= 1.0)
    Microsoft.Owin.FileSystems (3.0.1)
    Microsoft.Owin.Host.HttpListener (3.0.1)
    Microsoft.Owin.Hosting (3.0.1)
      Microsoft.Owin (>= 3.0.1)
      Owin (>= 1.0)
    Microsoft.Owin.StaticFiles (3.0.1)
      Microsoft.Owin (>= 3.0.1)
      Microsoft.Owin.FileSystems (>= 3.0.1)
      Owin (>= 1.0)
    Owin (1.0)
    RazorEngine (3.6.6)
      Microsoft.AspNet.Razor (>= 3.0.0) - >= net45
      Microsoft.AspNet.Razor (2.0.30506.0) - >= net40 < net45
    Zlib.Portable (1.10.0)
